PATH
  remote: .
  specs:
    hello_rust (0.1.0)

GEM
  remote: https://rubygems.org/
  specs:
    diff-lcs (1.4.4)
    rake (12.3.3)
    rspec (3.10.0)
      rspec-core (~> 3.10.0)
      rspec-expectations (~> 3.10.0)
      rspec-mocks (~> 3.10.0)
    rspec-core (3.10.0)
      rspec-support (~> 3.10.0)
    rspec-expectations (3.10.0)
      diff-lcs (>= 1.2.0, < 2.0)
      rspec-support (~> 3.10.0)
    rspec-mocks (3.10.0)
      diff-lcs (>= 1.2.0, < 2.0)
      rspec-support (~> 3.10.0)
    rspec-support (3.10.0)
    rufo (0.12.0)

PLATFORMS
  ruby

DEPENDENCIES
  hello_rust!
  rake (~> 12.0)
  rspec (~> 3.0)
  rufo

BUNDLED WITH
   2.1.4
